PATH
  remote: .
  specs:
    arabic (0.1.7)

GEM
  remote: https://rubygems.org/
  specs:
    minitest (5.25.5)
    rake (13.2.1)

PLATFORMS
  ruby

DEPENDENCIES
  arabic!
  bundler (~> 2.6)
  minitest (~> 5.25)
  rake (~> 13.2)

BUNDLED WITH
   2.6.7
